GEM
  remote: https://rubygems.org/
  specs:
    bubble-wrap (1.9.2)
    rake (10.1.0)

PLATFORMS
  ruby

DEPENDENCIES
  bubble-wrap
  rake
